GEM
  remote: https://rubygems.org/
  specs:
    addressable (2.7.0)
      public_suffix (>= 2.0.2, < 5.0)
    csv (3.1.2)
    faraday (1.0.0)
      multipart-post (>= 1.2, < 3)
    github-markup (3.0.4)
    multipart-post (2.1.1)
    octokit (4.16.0)
      faraday (>= 0.9)
      sawyer (~> 0.8.0, >= 0.5.3)
    public_suffix (4.0.3)
    rack (2.2.2)
    sawyer (0.8.2)
      addressable (>= 2.3.5)
      faraday (> 0.8, < 2.0)

PLATFORMS
  ruby

DEPENDENCIES
  csv (~> 3.1, >= 3.1.2)
  github-markup (~> 3.0, >= 3.0.4)
  octokit (~> 4.0)
  rack (~> 2.2, >= 2.2.2)

BUNDLED WITH
   2.1.4
