GEM
  remote: https://rubygems.org/
  specs:
    csv (3.1.2)

PLATFORMS
  ruby

DEPENDENCIES
  csv (~> 3.1, >= 3.1.2)

BUNDLED WITH
   2.1.4
